PATH
  remote: .
  specs:
    beefcake (1.0.0.pre2)

GEM
  remote: https://rubygems.org/
  specs:
    minitest (5.4.1)
    rake (10.1.1)

PLATFORMS
  ruby

DEPENDENCIES
  beefcake!
  minitest (~> 5.3)
  rake (~> 10.1.0)
