PATH
  remote: .
  specs:
    beefcake (0.3.8)

GEM
  remote: http://rubygems.org/
  specs:

PLATFORMS
  ruby

DEPENDENCIES
  beefcake!
